GEM
  remote: https://rubygems.org/
  specs:
    dotenv (2.7.5)
    mini_portile2 (2.5.1)
    nokogiri (1.11.4)
      mini_portile2 (~> 2.5.0)
      racc (~> 1.4)
    racc (1.5.2)
    slack-incoming-webhooks (0.2.0)

PLATFORMS
  ruby

DEPENDENCIES
  dotenv
  nokogiri
  slack-incoming-webhooks

BUNDLED WITH
   1.17.2
