GEM
  remote: https://rubygems.org/
  specs:
    dotenv (2.5.0)
    mini_portile2 (2.3.0)
    nokogiri (1.8.4)
      mini_portile2 (~> 2.3.0)
    slack-incoming-webhooks (0.2.0)

PLATFORMS
  ruby

DEPENDENCIES
  dotenv
  nokogiri
  slack-incoming-webhooks

BUNDLED WITH
   1.15.3
